GEM
  remote: http://rubygems.org/
  remote: http://gems.github.com/
  specs:
    actionmailer (2.3.11)
      actionpack (= 2.3.11)
    actionpack (2.3.11)
      activesupport (= 2.3.11)
      rack (~> 1.1.0)
    activerecord (2.3.11)
      activesupport (= 2.3.11)
    activeresource (2.3.11)
      activesupport (= 2.3.11)
    activesupport (2.3.11)
    adhearsion (0.8.3)
      log4r (>= 1.0.5)
      rubigen (>= 1.0.6)
    builder (2.1.2)
    erubis (2.7.0)
    haml (3.1.2)
    i18n (0.5.0)
    log4r (1.1.9)
    mysql (2.8.1)
    rack (1.1.3)
    rails (2.3.11)
      actionmailer (= 2.3.11)
      actionpack (= 2.3.11)
      activerecord (= 2.3.11)
      activeresource (= 2.3.11)
      activesupport (= 2.3.11)
      rake (>= 0.8.3)
    rake (0.9.2)
    rubigen (1.5.6)
      activesupport (>= 2.3.5)
      i18n
    will_paginate (2.3.14)

PLATFORMS
  ruby

DEPENDENCIES
  adhearsion (= 0.8.3)
  builder (~> 2.1.2)
  erubis
  haml (= 3.1.2)
  i18n (= 0.5.0)
  log4r (= 1.1.9)
  mysql
  rails (= 2.3.11)
  rake (= 0.9.2)
  rubigen (= 1.5.6)
  will_paginate (= 2.3.14)
